PATH
  remote: .
  specs:
    mixlib-authorization (1.2.1)
      activemodel
      mixlib-authentication
      mixlib-config
      mixlib-log
      sequel

GEM
  remote: http://rubygems.org/
  specs:
    activemodel (3.0.9)
      activesupport (= 3.0.9)
      builder (~> 2.1.2)
      i18n (~> 0.5.0)
    activesupport (3.0.9)
    builder (2.1.2)
    i18n (0.5.0)
    mixlib-authentication (1.1.4)
      mixlib-log
    mixlib-config (1.1.2)
    mixlib-log (1.3.0)
    mysql2 (0.3.6)
    rake (0.9.2)
    sequel (3.26.0)

PLATFORMS
  ruby

DEPENDENCIES
  mixlib-authorization!
  mysql2
  rake
