GIT
  remote: git://github.com/opscode/chef.git
  revision: 390be550d51d7af242887c10c1482cec2265741a
  branch: pl-master
  specs:
    chef (0.10.0)
      bunny (>= 0.6.0)
      erubis
      highline
      json (>= 1.4.4, <= 1.5.2)
      mixlib-authentication (>= 1.1.0)
      mixlib-cli (>= 1.1.0)
      mixlib-config (>= 1.1.2)
      mixlib-log (>= 1.3.0)
      moneta
      net-ssh (~> 2.1.3)
      net-ssh-multi (~> 1.1.0)
      ohai (>= 0.6.0)
      rest-client (>= 1.0.4, < 1.7.0)
      treetop (~> 1.4.9)
      uuidtools

GIT
  remote: git://github.com/opscode/couchrest.git
  revision: 7dc3fa25e678c602641e29908fe9e31fbc7388df
  specs:
    couchrest (0.23)
      json (>= 1.1.2)
      mime-types (>= 1.15)
      rest-client (>= 0.5)

GIT
  remote: git@github.com:opscode/opscode-shared
  revision: f533ae22d34ce1a003fcd2c189497f0154334fda
  branch: master
  specs:
    opscode-dark-launch (0.0.3)
      chef

PATH
  remote: .
  specs:
    mixlib-authorization (1.3.0)
      activemodel
      mixlib-authentication
      mixlib-config
      mixlib-log
      rest-client
      sequel (~> 3.34.1)

GEM
  remote: http://rubygems.org/
  specs:
    activemodel (3.2.2)
      activesupport (= 3.2.2)
      builder (~> 3.0.0)
    activesupport (3.2.2)
      i18n (~> 0.6)
      multi_json (~> 1.0)
    builder (3.0.0)
    bunny (0.7.4)
    diff-lcs (1.1.2)
    erubis (2.7.0)
    highline (1.6.2)
    i18n (0.6.0)
    json (1.5.2)
    macaddr (1.4.0)
      systemu (~> 2.2.0)
    mime-types (1.16)
    mixlib-authentication (1.1.4)
      mixlib-log
    mixlib-cli (1.2.0)
    mixlib-config (1.1.2)
    mixlib-log (1.3.0)
    moneta (0.6.0)
    multi_json (1.1.0)
    net-ldap (0.2.2)
    net-ssh (2.1.4)
    net-ssh-gateway (1.1.0)
      net-ssh (>= 1.99.1)
    net-ssh-multi (1.1)
      net-ssh (>= 2.1.4)
      net-ssh-gateway (>= 0.99.0)
    ohai (0.6.4)
      mixlib-cli
      mixlib-config
      mixlib-log
      systemu
      yajl-ruby
    pg (0.16.0)
    polyglot (0.3.2)
    rake (0.9.2)
    rest-client (1.6.3)
      mime-types (>= 1.16)
    rspec (2.6.0)
      rspec-core (~> 2.6.0)
      rspec-expectations (~> 2.6.0)
      rspec-mocks (~> 2.6.0)
    rspec-core (2.6.0)
    rspec-expectations (2.6.0)
      diff-lcs (~> 1.1.2)
    rspec-mocks (2.6.0)
    sequel (3.34.1)
    systemu (2.2.0)
    treetop (1.4.10)
      polyglot
      polyglot (>= 0.3.1)
    uuid (2.3.4)
      macaddr (~> 1.0)
    uuidtools (2.1.2)
    yajl-ruby (0.8.2)

PLATFORMS
  ruby

DEPENDENCIES
  chef!
  couchrest!
  highline
  mixlib-authorization!
  net-ldap (~> 0.2.2)
  opscode-dark-launch!
  pg (~> 0.16.0)
  rake
  rspec
  uuid
