GIT
  remote: git://github.com/opscode/chef.git
  revision: 0454ad7471d7992a40021c26ade123da329a73e6
  branch: pl-master
  specs:
    chef (0.10.0)
      bunny (>= 0.6.0)
      erubis
      highline
      json (>= 1.4.4, <= 1.5.2)
      mixlib-authentication (>= 1.1.0)
      mixlib-cli (>= 1.1.0)
      mixlib-config (>= 1.1.2)
      mixlib-log (>= 1.3.0)
      moneta
      net-ssh (~> 2.1.3)
      net-ssh-multi (~> 1.1.0)
      ohai (>= 0.6.0)
      rest-client (>= 1.0.4, < 1.7.0)
      treetop (~> 1.4.9)
      uuidtools

GIT
  remote: git://github.com/opscode/couchrest.git
  revision: 7dc3fa25e678c602641e29908fe9e31fbc7388df
  specs:
    couchrest (0.23)
      json (>= 1.1.2)
      mime-types (>= 1.15)
      rest-client (>= 0.5)

GIT
  remote: git://github.com/opscode/rest-client.git
  revision: cd6a6aa3d1062e12120e7b61ece36e26f408d91c
  branch: ma/ipv6
  specs:
    rest-client (1.7.0.alpha)
      mime-types (>= 1.16)
      netrc (~> 0.7.7)
      rdoc (>= 2.4.2)

GIT
  remote: git@github.com:opscode/opscode-shared
  revision: f533ae22d34ce1a003fcd2c189497f0154334fda
  branch: master
  specs:
    opscode-dark-launch (0.0.3)
      chef

PATH
  remote: .
  specs:
    mixlib-authorization (1.3.0)
      activemodel (~> 3.2.2)
      bcrypt-ruby
      mixlib-authentication
      mixlib-config
      mixlib-log
      rest-client
      sequel (~> 3.34.1)

GEM
  remote: http://rubygems.org/
  specs:
    activemodel (3.2.14)
      activesupport (= 3.2.14)
      builder (~> 3.0.0)
    activesupport (3.2.14)
      i18n (~> 0.6, >= 0.6.4)
      multi_json (~> 1.0)
    amq-protocol (1.8.0)
    bcrypt-ruby (3.1.2)
    builder (3.0.4)
    bunny (0.10.8)
      amq-protocol (>= 1.6.0)
    diff-lcs (1.2.4)
    erubis (2.7.0)
    highline (1.6.19)
    i18n (0.6.5)
    ipaddress (0.8.0)
    json (1.5.2)
    macaddr (1.6.1)
      systemu (~> 2.5.0)
    mime-types (1.25)
    mixlib-authentication (1.3.0)
      mixlib-log
    mixlib-cli (1.3.0)
    mixlib-config (2.0.0)
    mixlib-log (1.6.0)
    mixlib-shellout (1.2.0)
    moneta (0.7.20)
    multi_json (1.8.1)
    net-ldap (0.2.2)
    net-ssh (2.1.4)
    net-ssh-gateway (1.1.0)
      net-ssh (>= 1.99.1)
    net-ssh-multi (1.1)
      net-ssh (>= 2.1.4)
      net-ssh-gateway (>= 0.99.0)
    netrc (0.7.7)
    ohai (6.18.0)
      ipaddress
      mixlib-cli
      mixlib-config
      mixlib-log
      mixlib-shellout
      systemu
      yajl-ruby
    pg (0.16.0)
    polyglot (0.3.3)
    rake (10.1.0)
    rdoc (4.0.1)
      json (~> 1.4)
    rspec (2.14.1)
      rspec-core (~> 2.14.0)
      rspec-expectations (~> 2.14.0)
      rspec-mocks (~> 2.14.0)
    rspec-core (2.14.5)
    rspec-expectations (2.14.3)
      diff-lcs (>= 1.1.3, < 2.0)
    rspec-mocks (2.14.3)
    sequel (3.34.1)
    systemu (2.5.2)
    treetop (1.4.15)
      polyglot
      polyglot (>= 0.3.1)
    uuid (2.3.7)
      macaddr (~> 1.0)
    uuidtools (2.1.4)
    yajl-ruby (1.1.0)

PLATFORMS
  ruby

DEPENDENCIES
  chef!
  couchrest!
  highline
  mixlib-authorization!
  net-ldap (~> 0.2.2)
  opscode-dark-launch!
  pg (~> 0.16.0)
  rake
  rest-client!
  rspec
  uuid
